GIT
  remote: https://github.com/learningtapestry/core
  revision: 72a5e746bf4f95d549fc90886ed03709c8e85ba7
  ref: 72a5e74
  specs:
    lt-core (0.1.0)
      actionpack (~> 4.2.0)
      activerecord (~> 4.2.0)
      activesupport (~> 4.2.0)
      capybara (~> 2.4.4)
      database_cleaner (>= 1.3.0)
      dotenv (~> 2.0)
      edge
      launchy
      log4r (>= 1.1.10)
      minitest (~> 5.5)
      minitest-profile
      nokogiri (~> 1.6.3)
      poltergeist (>= 1.5.1)
      rack-test (~> 0.6.3)
      redis (>= 3.2.0)
      selenium-webdriver (>= 2.43.0)
      sinatra (~> 1.4.5)
      sinatra-contrib (~> 1.4.2)
      sinatra-flash (~> 0.3.0)
      sinatra-param (>= 1.2.2)
      sinatra-redirect-with-flash (~> 0.2.1)
      term-ansicolor (>= 1.3.0)
      thin (>= 1.6.3)
      warden (~> 1.2.3)

GEM
  remote: https://rubygems.org/
  specs:
    actionpack (4.2.3)
      actionview (= 4.2.3)
      activesupport (= 4.2.3)
      rack (~> 1.6)
      rack-test (~> 0.6.2)
      rails-dom-testing (~> 1.0, >= 1.0.5)
      rails-html-sanitizer (~> 1.0, >= 1.0.2)
    actionview (4.2.3)
      activesupport (= 4.2.3)
      builder (~> 3.1)
      erubis (~> 2.7.0)
      rails-dom-testing (~> 1.0, >= 1.0.5)
      rails-html-sanitizer (~> 1.0, >= 1.0.2)
    activemodel (4.2.3)
      activesupport (= 4.2.3)
      builder (~> 3.1)
    activerecord (4.2.3)
      activemodel (= 4.2.3)
      activesupport (= 4.2.3)
      arel (~> 6.0)
    activesupport (4.2.3)
      i18n (~> 0.7)
      json (~> 1.7, >= 1.7.7)
      minitest (~> 5.1)
      thread_safe (~> 0.3, >= 0.3.4)
      tzinfo (~> 1.1)
    addressable (2.5.2)
      public_suffix (>= 2.0.2, < 4.0)
    arel (6.0.0)
    backports (3.11.0)
    bcrypt (3.1.10)
    builder (3.2.2)
    byebug (4.0.3)
      columnize (= 0.9.0)
    capybara (2.4.4)
      mime-types (>= 1.16)
      nokogiri (>= 1.3.3)
      rack (>= 1.0.0)
      rack-test (>= 0.5.4)
      xpath (~> 2.0)
    childprocess (0.8.0)
      ffi (~> 1.0, >= 1.0.11)
    chronic (0.10.2)
    chronic_duration (0.10.6)
      numerizer (~> 0.1.1)
    cliver (0.3.2)
    columnize (0.9.0)
    crass (1.0.3)
    daemons (1.2.3)
    database_cleaner (1.4.1)
    dotenv (2.2.1)
    edge (0.5.1)
      activerecord (>= 4.1.0)
    erubis (2.7.0)
    eventmachine (1.0.7)
    ffaker (2.5.0)
    ffi (1.9.18)
    htmlentities (4.3.3)
    i18n (0.7.0)
    json (1.8.3)
    launchy (2.4.3)
      addressable (~> 2.3)
    log4r (1.1.10)
    loofah (2.1.1)
      crass (~> 1.0.2)
      nokogiri (>= 1.5.9)
    mime-types (2.6.1)
    mini_portile (0.6.2)
    minitest (5.7.0)
    minitest-profile (0.0.2)
    multi_json (1.11.2)
    nokogiri (1.6.6.2)
      mini_portile (~> 0.6.0)
    numerizer (0.1.1)
    oj (2.18.5)
    pg (0.18.2)
    poltergeist (1.6.0)
      capybara (~> 2.1)
      cliver (~> 0.3.1)
      multi_json (~> 1.0)
      websocket-driver (>= 0.2.0)
    public_suffix (3.0.1)
    rack (1.6.4)
    rack-protection (1.5.3)
      rack
    rack-test (0.6.3)
      rack (>= 1.0)
    rails-deprecated_sanitizer (1.0.3)
      activesupport (>= 4.2.0.alpha)
    rails-dom-testing (1.0.9)
      activesupport (>= 4.2.0, < 5.0)
      nokogiri (~> 1.6)
      rails-deprecated_sanitizer (>= 1.0.1)
    rails-html-sanitizer (1.0.3)
      loofah (~> 2.0)
    rake (10.4.2)
    redis (3.2.1)
    rubyzip (1.1.7)
    selenium-webdriver (3.8.0)
      childprocess (~> 0.5)
      rubyzip (~> 1.0)
    simple_xlsx_reader (1.0.2)
      nokogiri
      rubyzip
    sinatra (1.4.6)
      rack (~> 1.4)
      rack-protection (~> 1.4)
      tilt (>= 1.3, < 3)
    sinatra-contrib (1.4.7)
      backports (>= 2.0)
      multi_json
      rack-protection
      rack-test
      sinatra (~> 1.4.0)
      tilt (>= 1.3, < 3)
    sinatra-flash (0.3.0)
      sinatra (>= 1.0.0)
    sinatra-param (1.4.0)
      sinatra (~> 1.3)
    sinatra-redirect-with-flash (0.2.1)
      sinatra (>= 1.0.0)
    term-ansicolor (1.3.2)
      tins (~> 1.0)
    thin (1.6.3)
      daemons (~> 1.0, >= 1.0.9)
      eventmachine (~> 1.0)
      rack (~> 1.0)
    thread_safe (0.3.5)
    tilt (2.0.1)
    tins (1.5.4)
    tzinfo (1.2.2)
      thread_safe (~> 0.1)
    warden (1.2.7)
      rack (>= 1.0)
    websocket-driver (0.5.4)
      websocket-extensions (>= 0.1.0)
    websocket-extensions (0.1.2)
    whenever (0.9.4)
      chronic (>= 0.6.3)
    xpath (2.0.0)
      nokogiri (~> 1.3)

PLATFORMS
  ruby

DEPENDENCIES
  activerecord (~> 4.2.1)
  activesupport (~> 4.2.1)
  bcrypt (>= 3.1.7)
  byebug
  capybara (>= 2.4.3)
  chronic (>= 0.10.2)
  chronic_duration (>= 0.10.6)
  database_cleaner (>= 1.3.0)
  ffaker
  htmlentities (>= 4.3.2)
  log4r (>= 1.1.10)
  lt-core!
  minitest (~> 5.7)
  nokogiri (>= 1.6.3.1)
  oj
  pg (>= 0.17.1)
  poltergeist (>= 1.5.1)
  rake
  redis (>= 3.1.0)
  simple_xlsx_reader
  sinatra (~> 1.4.5)
  term-ansicolor (>= 1.3.0)
  thin (>= 1.6.3)
  whenever

BUNDLED WITH
   1.16.1
