GIT
  remote: https://792de6a69ea9f5e82e17ca9d46d920b19462cfe4@github.com/learningtapestry/core
  revision: 50213a89c946dcee56596dd825a819d22135ea9b
  specs:
    lt-core (0.1.0)
      activerecord (~> 4.2.0)
      capybara (~> 2.4.4)
      capybara-webkit (>= 1.3.1)
      database_cleaner (>= 1.3.0)
      edge
      erubis (~> 2.7.0)
      launchy
      log4r (>= 1.1.10)
      minitest (~> 5.5.1)
      nokogiri (~> 1.6.3)
      poltergeist (>= 1.5.1)
      rack-test (~> 0.6.3)
      redis (>= 3.2.0)
      rerun (>= 0.10.0)
      selenium-webdriver (>= 2.43.0)
      sinatra (~> 1.4.5)
      sinatra-contrib (~> 1.4.2)
      sinatra-flash (~> 0.3.0)
      sinatra-param (>= 1.2.2)
      sinatra-redirect-with-flash (~> 0.2.1)
      term-ansicolor (>= 1.3.0)
      thin (>= 1.6.3)
      warden (~> 1.2.3)

GEM
  remote: https://rubygems.org/
  specs:
    actionpack (4.2.1)
      actionview (= 4.2.1)
      activesupport (= 4.2.1)
      rack (~> 1.6)
      rack-test (~> 0.6.2)
      rails-dom-testing (~> 1.0, >= 1.0.5)
      rails-html-sanitizer (~> 1.0, >= 1.0.1)
    actionview (4.2.1)
      activesupport (= 4.2.1)
      builder (~> 3.1)
      erubis (~> 2.7.0)
      rails-dom-testing (~> 1.0, >= 1.0.5)
      rails-html-sanitizer (~> 1.0, >= 1.0.1)
    activemodel (4.2.1)
      activesupport (= 4.2.1)
      builder (~> 3.1)
    activerecord (4.2.1)
      activemodel (= 4.2.1)
      activesupport (= 4.2.1)
      arel (~> 6.0)
    activesupport (4.2.1)
      i18n (~> 0.7)
      json (~> 1.7, >= 1.7.7)
      minitest (~> 5.1)
      thread_safe (~> 0.3, >= 0.3.4)
      tzinfo (~> 1.1)
    addressable (2.3.8)
    arel (6.0.0)
    backports (3.6.4)
    bcrypt (3.1.10)
    binding_of_caller (0.7.2)
      debug_inspector (>= 0.0.1)
    builder (3.2.2)
    byebug (4.0.5)
      columnize (= 0.9.0)
    capybara (2.4.4)
      mime-types (>= 1.16)
      nokogiri (>= 1.3.3)
      rack (>= 1.0.0)
      rack-test (>= 0.5.4)
      xpath (~> 2.0)
    capybara-webkit (1.5.0)
      capybara (>= 2.3.0, < 2.5.0)
      json
    celluloid (0.16.0)
      timers (~> 4.0.0)
    childprocess (0.5.6)
      ffi (~> 1.0, >= 1.0.11)
    chronic (0.10.2)
    chronic_duration (0.10.6)
      numerizer (~> 0.1.1)
    cliver (0.3.2)
    coderay (1.1.0)
    columnize (0.9.0)
    daemons (1.2.2)
    database_cleaner (1.4.1)
    debug_inspector (0.0.2)
    edge (0.4.1)
      activerecord (>= 3.2.0)
    erubis (2.7.0)
    eventmachine (1.0.7)
    ffi (1.9.8)
    hitimes (1.2.2)
    htmlentities (4.3.3)
    i18n (0.7.0)
    json (1.8.2)
    launchy (2.4.3)
      addressable (~> 2.3)
    listen (2.10.0)
      celluloid (~> 0.16.0)
      rb-fsevent (>= 0.9.3)
      rb-inotify (>= 0.9)
    log4r (1.1.10)
    loofah (2.0.1)
      nokogiri (>= 1.5.9)
    method_source (0.8.2)
    mime-types (2.4.3)
    mini_portile (0.6.2)
    minitest (5.5.1)
    multi_json (1.11.0)
    nokogiri (1.6.6.2)
      mini_portile (~> 0.6.0)
    numerizer (0.1.1)
    pg (0.18.1)
    poltergeist (1.6.0)
      capybara (~> 2.1)
      cliver (~> 0.3.1)
      multi_json (~> 1.0)
      websocket-driver (>= 0.2.0)
    pry (0.10.1)
      coderay (~> 1.1.0)
      method_source (~> 0.8.1)
      slop (~> 3.4)
    pry-stack_explorer (0.4.9.2)
      binding_of_caller (>= 0.7)
      pry (>= 0.9.11)
    rack (1.6.0)
    rack-protection (1.5.3)
      rack
    rack-test (0.6.3)
      rack (>= 1.0)
    rails-deprecated_sanitizer (1.0.3)
      activesupport (>= 4.2.0.alpha)
    rails-dom-testing (1.0.6)
      activesupport (>= 4.2.0.beta, < 5.0)
      nokogiri (~> 1.6.0)
      rails-deprecated_sanitizer (>= 1.0.1)
    rails-html-sanitizer (1.0.2)
      loofah (~> 2.0)
    rake (10.4.2)
    rb-fsevent (0.9.4)
    rb-inotify (0.9.5)
      ffi (>= 0.5.0)
    redis (3.2.1)
    rerun (0.10.0)
      listen (~> 2.7, >= 2.7.3)
    rubyzip (1.1.7)
    selenium-webdriver (2.45.0)
      childprocess (~> 0.5)
      multi_json (~> 1.0)
      rubyzip (~> 1.0)
      websocket (~> 1.0)
    sinatra (1.4.6)
      rack (~> 1.4)
      rack-protection (~> 1.4)
      tilt (>= 1.3, < 3)
    sinatra-contrib (1.4.2)
      backports (>= 2.0)
      multi_json
      rack-protection
      rack-test
      sinatra (~> 1.4.0)
      tilt (~> 1.3)
    sinatra-flash (0.3.0)
      sinatra (>= 1.0.0)
    sinatra-param (1.3.1)
      sinatra (~> 1.3)
    sinatra-redirect-with-flash (0.2.1)
      sinatra (>= 1.0.0)
    slop (3.6.0)
    term-ansicolor (1.3.0)
      tins (~> 1.0)
    thin (1.6.3)
      daemons (~> 1.0, >= 1.0.9)
      eventmachine (~> 1.0)
      rack (~> 1.0)
    thread_safe (0.3.5)
    tilt (1.4.1)
    timers (4.0.1)
      hitimes
    tins (1.3.5)
    tzinfo (1.2.2)
      thread_safe (~> 0.1)
    warden (1.2.3)
      rack (>= 1.0)
    websocket (1.2.1)
    websocket-driver (0.5.4)
      websocket-extensions (>= 0.1.0)
    websocket-extensions (0.1.2)
    xpath (2.0.0)
      nokogiri (~> 1.3)

PLATFORMS
  ruby

DEPENDENCIES
  actionpack (~> 4.2.0)
  actionview (~> 4.2.0)
  activerecord (~> 4.2.0)
  activesupport (~> 4.2.0)
  bcrypt (>= 3.1.7)
  byebug
  capybara (>= 2.4.3)
  capybara-webkit (>= 1.3.1)
  chronic (>= 0.10.2)
  chronic_duration (>= 0.10.6)
  database_cleaner (>= 1.3.0)
  htmlentities (>= 4.3.2)
  launchy
  log4r (>= 1.1.10)
  lt-core!
  minitest (>= 5.4.0)
  nokogiri (>= 1.6.3.1)
  pg (>= 0.17.1)
  poltergeist (>= 1.5.1)
  pry (>= 0.10.1)
  pry-stack_explorer (>= 0.4.9.1)
  rake
  redis (>= 3.1.0)
  rerun (>= 0.10.0)
  selenium-webdriver (>= 2.43.0)
  sinatra (~> 1.4.5)
  term-ansicolor (>= 1.3.0)
  thin (>= 1.6.3)
